GEM
  remote: http://rubygems.org/
  specs:
    aws-sdk (1.0.4)
      httparty (~> 0.7)
      json (~> 1.4)
      nokogiri (>= 1.4.4)
      uuidtools (~> 2.1)
    boxgrinder-core (0.3.4)
      hashery (>= 1.3.0)
      kwalify (>= 0.7.2)
      open4 (>= 1.0.0)
    crack (0.1.8)
    diff-lcs (1.1.2)
    echoe (4.3.1)
      gemcutter
      rubyforge
    gemcutter (0.7.0)
    hashery (1.4.0)
    httparty (0.7.8)
      crack (= 0.1.8)
    json (1.5.3)
    json_pure (1.5.3)
    kwalify (0.7.2)
    mime-types (1.16)
    net-sftp (2.0.5)
      net-ssh (>= 2.0.9)
    net-ssh (2.1.4)
    nokogiri (1.5.0)
    open4 (1.1.0)
    progressbar (0.9.1)
    rake (0.9.2)
    rcov (0.9.9)
    rest-client (1.6.3)
      mime-types (>= 1.16)
    rspec (2.6.0)
      rspec-core (~> 2.6.0)
      rspec-expectations (~> 2.6.0)
      rspec-mocks (~> 2.6.0)
    rspec-core (2.6.4)
    rspec-expectations (2.6.0)
      diff-lcs (~> 1.1.2)
    rspec-mocks (2.6.0)
    rubyforge (2.0.4)
      json_pure (>= 1.1.7)
    uuidtools (2.1.2)

PLATFORMS
  ruby

DEPENDENCIES
  aws-sdk (>= 1.0.4)
  boxgrinder-core (~> 0.3)
  echoe (= 4.3.1)
  hashery (~> 1.4.0)
  net-sftp (~> 2.0)
  net-ssh (~> 2.1)
  progressbar (~> 0.9)
  rake (~> 0.9)
  rcov (= 0.9.9)
  rest-client (~> 1.6)
  rspec (~> 2.6)
